GEM
  remote: http://rubygems.org/
  specs:
    bio (1.4.0)
    rmagick (2.12.2)
    shoulda (2.11.3)
    test-unit (2.2.0)

PLATFORMS
  ruby

DEPENDENCIES
  bio
  rmagick
  shoulda
  test-unit
