PATH
  remote: .
  specs:
    allele_image (0.3.4)
      bio
      rmagick

GEM
  remote: http://rubygems.org/
  specs:
    ZenTest (4.5.0)
    autotest (4.4.6)
      ZenTest (>= 4.4.1)
    awesome_print (0.3.2)
    bio (1.4.1)
    rmagick (2.13.1)
    shoulda (2.11.3)
    simplecov (0.4.0)
      simplecov-html (~> 0.4.0)
    simplecov-html (0.4.3)
    yard (0.6.4)

PLATFORMS
  ruby

DEPENDENCIES
  allele_image!
  autotest
  awesome_print
  shoulda
  simplecov
  yard
